GEM
  remote: http://rubygems.org/
  specs:
    awesome_print (1.2.0)
    gosu (0.8.7.2)

PLATFORMS
  ruby

DEPENDENCIES
  awesome_print
  gosu
